GEM
  remote: http://rubygems.org/
  specs:
    activesupport (2.3.11)
    addressable (2.2.4)
    autotest-standalone (4.5.5)
    crack (0.1.8)
    git (1.2.5)
    httparty (0.7.4)
      crack (= 0.1.8)
    jeweler (1.5.2)
      bundler (~> 1.0.0)
      git (>= 1.2.5)
      rake
    party_resource (0.0.3)
      activesupport (>= 2.3.5)
      httparty (>= 0.5.2)
    rake (0.8.7)
    rspec (1.3.1)
    webmock (1.6.2)
      addressable (>= 2.2.2)
      crack (>= 0.1.7)
    yard (0.6.4)

PLATFORMS
  ruby

DEPENDENCIES
  activesupport (~> 2.3.5)
  autotest-standalone
  jeweler
  party_resource (>= 0.0.2)
  rake
  rspec (~> 1.3)
  webmock
  yard
